PATH
  remote: .
  specs:
    effex (0.1.0)
      activemodel (~> 5.2)
      nokogiri (~> 1.8)
      sequel (~> 5.14)
      sqlite3 (~> 1.3)
      validates_timeliness (~> 4.0)

GEM
  remote: https://rubygems.org/
  specs:
    activemodel (5.2.1)
      activesupport (= 5.2.1)
    activesupport (5.2.1)
      concurrent-ruby (~> 1.0, >= 1.0.2)
      i18n (>= 0.7, < 2)
      minitest (~> 5.1)
      tzinfo (~> 1.1)
    concurrent-ruby (1.1.1)
    i18n (1.1.1)
      concurrent-ruby (~> 1.0)
    mini_portile2 (2.3.0)
    minitest (5.11.3)
    nokogiri (1.8.5)
      mini_portile2 (~> 2.3.0)
    rake (10.5.0)
    sequel (5.14.0)
    sqlite3 (1.3.13)
    thread_safe (0.3.6)
    timecop (0.9.1)
    timeliness (0.3.8)
    tzinfo (1.2.5)
      thread_safe (~> 0.1)
    validates_timeliness (4.0.2)
      timeliness (~> 0.3.7)

PLATFORMS
  ruby

DEPENDENCIES
  activesupport (~> 5.2)
  bundler (~> 1.16)
  effex!
  minitest (~> 5.0)
  rake (~> 10.0)
  timecop (~> 0.9)

BUNDLED WITH
   1.16.1
